GEM
  remote: https://rubygems.org/
  specs:
    active_support (3.0.0)
      activesupport (= 3.0.0)
    activesupport (3.0.0)
    i18n (0.6.5)
    rake (10.1.0)

PLATFORMS
  ruby

DEPENDENCIES
  active_support
  i18n
  rake
